GEM
  remote: https://rubygems.org/
  specs:
    addressable (2.3.2)
    excon (0.16.10)
    heroku (2.33.5)
      heroku-api (~> 0.3.7)
      launchy (>= 0.3.2)
      netrc (~> 0.7.7)
      rest-client (~> 1.6.1)
      rubyzip
    heroku-api (0.3.7)
      excon (~> 0.16.10)
    httparty (0.11.0)
      multi_json (~> 1.0)
      multi_xml (>= 0.5.2)
    kgio (2.7.4)
    launchy (2.1.2)
      addressable (~> 2.3)
    mime-types (1.21)
    multi_json (1.7.7)
    multi_xml (0.5.4)
    netrc (0.7.7)
    rack (1.4.3)
    raindrops (0.10.0)
    rake (10.1.0)
    rest-client (1.6.7)
      mime-types (>= 1.16)
    rubyzip (0.9.9)
    unicorn (4.3.1)
      kgio (~> 2.6)
      rack
      raindrops (~> 0.7)

PLATFORMS
  ruby

DEPENDENCIES
  heroku
  heroku-api
  httparty
  rack
  rake
  unicorn
